PATH
  remote: .
  specs:
    cequel (1.0.0.rc1)
      activemodel
      activesupport (>= 3.1)
      cassandra-cql (~> 1.2)
      connection_pool (~> 1.1)
      i18n

GEM
  remote: https://rubygems.org/
  specs:
    activemodel (4.0.1)
      activesupport (= 4.0.1)
      builder (~> 3.1.0)
    activesupport (4.0.1)
      i18n (~> 0.6, >= 0.6.4)
      minitest (~> 4.2)
      multi_json (~> 1.3)
      thread_safe (~> 0.1)
      tzinfo (~> 0.3.37)
    addressable (2.3.5)
    appraisal (0.5.2)
      bundler
      rake
    atomic (1.1.14)
    atomic (1.1.14-java)
    backports (3.3.5)
    builder (3.1.4)
    byebug (2.3.1)
      columnize (~> 0.3.6)
      debugger-linecache (~> 1.2.0)
    cassandra-cql (1.2.1)
      simple_uuid (>= 0.2.0)
      thrift_client (>= 0.7.1, < 0.9)
    coderay (1.1.0)
    columnize (0.3.6)
    connection_pool (1.2.0)
    debugger (1.6.2)
      columnize (>= 0.3.1)
      debugger-linecache (~> 1.2.0)
      debugger-ruby_core_source (~> 1.2.3)
    debugger-linecache (1.2.0)
    debugger-ruby_core_source (1.2.4)
    diff-lcs (1.2.5)
    ethon (0.6.1)
      ffi (>= 1.3.0)
      mime-types (~> 1.18)
    faraday (0.8.8)
      multipart-post (~> 1.2.0)
    faraday_middleware (0.9.0)
      faraday (>= 0.7.4, < 0.9)
    ffi (1.9.3)
    ffi (1.9.3-java)
    gh (0.13.0)
      addressable
      backports
      faraday (~> 0.8)
      multi_json (~> 1.0)
      net-http-persistent (>= 2.7)
      net-http-pipeline
    hashr (0.0.22)
    highline (1.6.20)
    i18n (0.6.5)
    launchy (2.4.2)
      addressable (~> 2.3)
    method_source (0.8.2)
    mime-types (1.25.1)
    minitest (4.7.5)
    multi_json (1.8.2)
    multipart-post (1.2.0)
    mustache (0.99.5)
    net-http-persistent (2.9)
    net-http-pipeline (1.0.1)
    netrc (0.7.7)
    pry (0.9.12.4)
      coderay (~> 1.0)
      method_source (~> 0.8)
      slop (~> 3.4)
    pry (0.9.12.4-java)
      coderay (~> 1.0)
      method_source (~> 0.8)
      slop (~> 3.4)
      spoon (~> 0.0)
    pusher-client (0.4.0)
      websocket (~> 1.0.0)
    rake (10.1.0)
    redcarpet (1.17.2)
    rocco (0.8.2)
      mustache
      redcarpet
    rspec (2.14.1)
      rspec-core (~> 2.14.0)
      rspec-expectations (~> 2.14.0)
      rspec-mocks (~> 2.14.0)
    rspec-core (2.14.7)
    rspec-expectations (2.14.4)
      diff-lcs (>= 1.1.3, < 2.0)
    rspec-mocks (2.14.4)
    simple_uuid (0.4.0)
    slop (3.4.7)
    spoon (0.0.4)
      ffi
    thread_safe (0.1.3)
      atomic
    thread_safe (0.1.3-java)
      atomic
    thrift (0.8.0)
    thrift_client (0.8.4)
      thrift (~> 0.8.0)
    travis (1.6.3)
      addressable (~> 2.3)
      backports
      faraday (~> 0.8.7)
      faraday_middleware (~> 0.9)
      gh (~> 0.13)
      highline (~> 1.6)
      launchy (~> 2.1)
      netrc (~> 0.7)
      pry (~> 0.9)
      pusher-client (~> 0.4)
      typhoeus (~> 0.6)
    travis-lint (1.7.0)
      hashr (~> 0.0.22)
    typhoeus (0.6.6)
      ethon (~> 0.6.1)
    tzinfo (0.3.38)
    websocket (1.0.7)
    yard (0.8.7.3)

PLATFORMS
  java
  ruby

DEPENDENCIES
  appraisal
  byebug
  cequel!
  debugger
  redcarpet (< 2.0)
  rocco
  rspec (~> 2.0)
  travis
  travis-lint
  yard (~> 0.6)
